PATH
  remote: .
  specs:
    tiny_chat_gpt (1.0.0)
      tiny_color
      tty-markdown

GEM
  remote: https://rubygems.org/
  specs:
    kramdown (2.4.0)
      rexml
    pastel (0.8.0)
      tty-color (~> 0.5)
    rexml (3.2.6)
    rouge (4.2.0)
    strings (0.2.1)
      strings-ansi (~> 0.2)
      unicode-display_width (>= 1.5, < 3.0)
      unicode_utils (~> 1.4)
    strings-ansi (0.2.0)
    tiny_color (1.3.1)
    tty-color (0.6.0)
    tty-markdown (0.7.2)
      kramdown (>= 1.16.2, < 3.0)
      pastel (~> 0.8)
      rouge (>= 3.14, < 5.0)
      strings (~> 0.2.0)
      tty-color (~> 0.5)
      tty-screen (~> 0.8)
    tty-screen (0.8.1)
    unicode-display_width (2.5.0)
    unicode_utils (1.4.0)

PLATFORMS
  x86_64-darwin-22

DEPENDENCIES
  tiny_chat_gpt!

BUNDLED WITH
   2.4.1
